PATH
  remote: .
  specs:
    struto (0.2.0)
      base64 (~> 0.1.1)
      bech32 (~> 1.3.0)
      bip-schnorr (~> 0.4.0)
      json (~> 2.6.2)
      pr_geohash (~> 1.0.0)
      unicode-emoji (~> 3.3.1)
      websocket-client-simple (~> 0.6.0)

GEM
  remote: https://rubygems.org/
  specs:
    ast (2.4.2)
    base64 (0.1.1)
    bech32 (1.3.0)
      thor (>= 1.1.0)
    bip-schnorr (0.4.0)
      ecdsa (~> 1.2.0)
    ecdsa (1.2.0)
    event_emitter (0.2.6)
    json (2.6.3)
    parallel (1.23.0)
    parser (3.2.2.4)
      ast (~> 2.4.1)
      racc
    pr_geohash (1.0.0)
    racc (1.7.3)
    rainbow (3.1.1)
    regexp_parser (2.8.2)
    rexml (3.2.6)
    rubocop (1.50.2)
      json (~> 2.3)
      parallel (~> 1.10)
      parser (>= 3.2.0.0)
      rainbow (>= 2.2.2, < 4.0)
      regexp_parser (>= 1.8, < 3.0)
      rexml (>= 3.2.5, < 4.0)
      rubocop-ast (>= 1.28.0, < 2.0)
      ruby-progressbar (~> 1.7)
      unicode-display_width (>= 2.4.0, < 3.0)
    rubocop-ast (1.30.0)
      parser (>= 3.2.1.0)
    rubocop-performance (1.17.1)
      rubocop (>= 1.7.0, < 2.0)
      rubocop-ast (>= 0.4.0)
    rubocop-rspec (2.17.1)
      rubocop (~> 1.33)
    ruby-progressbar (1.13.0)
    thor (1.3.0)
    unicode-display_width (2.5.0)
    unicode-emoji (3.3.2)
      unicode-version (~> 1.0)
    unicode-version (1.3.0)
    websocket (1.2.10)
    websocket-client-simple (0.6.1)
      event_emitter
      websocket

PLATFORMS
  arm64-darwin-21
  x86_64-darwin-21
  x86_64-darwin-22

DEPENDENCIES
  rubocop
  rubocop-performance
  rubocop-rspec
  struto!

BUNDLED WITH
   2.4.22
